GIT
  remote: https://github.com/activeadmin/activeadmin.git
  revision: 58929997e176318b29f6638b2daf8c915249b9ea
  specs:
    activeadmin (2.0.0.alpha)
      arbre (>= 1.1.1)
      formtastic (~> 3.1)
      formtastic_i18n
      inherited_resources (~> 1.7)
      jquery-rails (>= 4.2.0)
      kaminari (>= 1.0.1)
      railties (>= 4.2, < 5.2)
      ransack (~> 1.3)
      sass (~> 3.4)
      sprockets (>= 3.0, < 4.1)
      sprockets-es6 (>= 0.9.2)

GIT
  remote: https://github.com/firstdraft/dev_toolbar.git
  revision: 6a1ae2e4e1a3dfdfd867e0bcb3f2c465ebacc19a
  specs:
    dev_toolbar (0.1.0)
      better_errors
      rails

GIT
  remote: https://github.com/firstdraft/web_git
  revision: 9ef7a0a888858f45d0bcb49fb990d96d00642884
  specs:
    web_git (0.0.1)
      git_clone_url
      jquery-rails
      octicons_helper
      tether-rails
      turbolinks (~> 5)
      tzinfo-data

GIT
  remote: https://github.com/plataformatec/devise.git
  revision: 448106f4589f22c4e12f2a1ebed7c69bed1f1768
  specs:
    devise (4.3.0)
      bcrypt (~> 3.0)
      orm_adapter (~> 0.1)
      railties (>= 4.1.0, < 5.2)
      responders
      warden (~> 1.2.3)

GIT
  remote: https://github.com/raghubetina/starter_generators.git
  revision: c38d341cecde6ff086d8e7882f781f82c2870ffd
  specs:
    starter_generators (0.9.6)

GEM
  remote: https://rubygems.org/
  specs:
    actioncable (5.0.6)
      actionpack (= 5.0.6)
      nio4r (>= 1.2, < 3.0)
      websocket-driver (~> 0.6.1)
    actionmailer (5.0.6)
      actionpack (= 5.0.6)
      actionview (= 5.0.6)
      activejob (= 5.0.6)
      mail (~> 2.5, >= 2.5.4)
      rails-dom-testing (~> 2.0)
    actionpack (5.0.6)
      actionview (= 5.0.6)
      activesupport (= 5.0.6)
      rack (~> 2.0)
      rack-test (~> 0.6.3)
      rails-dom-testing (~> 2.0)
      rails-html-sanitizer (~> 1.0, >= 1.0.2)
    actionview (5.0.6)
      activesupport (= 5.0.6)
      builder (~> 3.1)
      erubis (~> 2.7.0)
      rails-dom-testing (~> 2.0)
      rails-html-sanitizer (~> 1.0, >= 1.0.3)
    activejob (5.0.6)
      activesupport (= 5.0.6)
      globalid (>= 0.3.6)
    activemodel (5.0.6)
      activesupport (= 5.0.6)
    activerecord (5.0.6)
      activemodel (= 5.0.6)
      activesupport (= 5.0.6)
      arel (~> 7.0)
    activesupport (5.0.6)
      concurrent-ruby (~> 1.0, >= 1.0.2)
      i18n (~> 0.7)
      minitest (~> 5.1)
      tzinfo (~> 1.1)
    addressable (2.5.2)
      public_suffix (>= 2.0.2, < 4.0)
    annotate (2.7.2)
      activerecord (>= 3.2, < 6.0)
      rake (>= 10.4, < 13.0)
    arbre (1.1.1)
      activesupport (>= 3.0.0)
    arel (7.1.4)
    awesome_print (1.8.0)
    babel-source (5.8.35)
    babel-transpiler (0.7.0)
      babel-source (>= 4.0, < 6)
      execjs (~> 2.0)
    bcrypt (3.1.11)
    better_errors (2.4.0)
      coderay (>= 1.0.0)
      erubi (>= 1.0.0)
      rack (>= 0.9.0)
    bindex (0.5.0)
    binding_of_caller (0.7.3)
      debug_inspector (>= 0.0.1)
    builder (3.2.3)
    byebug (9.1.0)
    capybara (2.15.4)
      addressable
      mini_mime (>= 0.1.3)
      nokogiri (>= 1.3.3)
      rack (>= 1.0.0)
      rack-test (>= 0.5.4)
      xpath (~> 2.0)
    coderay (1.1.2)
    coffee-rails (4.2.2)
      coffee-script (>= 2.2.0)
      railties (>= 4.0.0)
    coffee-script (2.4.1)
      coffee-script-source
      execjs
    coffee-script-source (1.12.2)
    concurrent-ruby (1.0.5)
    crack (0.4.3)
      safe_yaml (~> 1.0.0)
    crass (1.0.2)
    debug_inspector (0.0.3)
    diff-lcs (1.3)
    dotenv (2.2.1)
    dotenv-rails (2.2.1)
      dotenv (= 2.2.1)
      railties (>= 3.2, < 5.2)
    erubi (1.7.0)
    erubis (2.7.0)
    execjs (2.7.0)
    factory_girl (4.9.0)
      activesupport (>= 3.0.0)
    factory_girl_rails (4.9.0)
      factory_girl (~> 4.9.0)
      railties (>= 3.0.0)
    faker (1.8.4)
      i18n (~> 0.5)
    ffi (1.9.18)
    formtastic (3.1.5)
      actionpack (>= 3.2.13)
    formtastic_i18n (0.6.0)
    git_clone_url (2.0.0)
      uri-ssh_git (>= 2.0)
    globalid (0.4.1)
      activesupport (>= 4.2.0)
    has_scope (0.7.1)
      actionpack (>= 4.1, < 5.2)
      activesupport (>= 4.1, < 5.2)
    hashdiff (0.3.7)
    i18n (0.9.1)
      concurrent-ruby (~> 1.0)
    inherited_resources (1.7.2)
      actionpack (>= 3.2, < 5.2.x)
      has_scope (~> 0.6)
      railties (>= 3.2, < 5.2.x)
      responders
    jbuilder (2.7.0)
      activesupport (>= 4.2.0)
      multi_json (>= 1.2)
    jquery-rails (4.3.1)
      rails-dom-testing (>= 1, < 3)
      railties (>= 4.2.0)
      thor (>= 0.14, < 2.0)
    kaminari (1.1.1)
      activesupport (>= 4.1.0)
      kaminari-actionview (= 1.1.1)
      kaminari-activerecord (= 1.1.1)
      kaminari-core (= 1.1.1)
    kaminari-actionview (1.1.1)
      actionview
      kaminari-core (= 1.1.1)
    kaminari-activerecord (1.1.1)
      activerecord
      kaminari-core (= 1.1.1)
    kaminari-core (1.1.1)
    launchy (2.4.3)
      addressable (~> 2.3)
    letter_opener (1.4.1)
      launchy (~> 2.2)
    listen (3.0.8)
      rb-fsevent (~> 0.9, >= 0.9.4)
      rb-inotify (~> 0.9, >= 0.9.7)
    loofah (2.1.1)
      crass (~> 1.0.2)
      nokogiri (>= 1.5.9)
    mail (2.7.0)
      mini_mime (>= 0.1.1)
    method_source (0.9.0)
    mini_mime (0.1.4)
    mini_portile2 (2.3.0)
    minitest (5.10.3)
    multi_json (1.12.2)
    nio4r (2.1.0)
    nokogiri (1.8.1)
      mini_portile2 (~> 2.3.0)
    octicons (5.0.5)
      nokogiri (>= 1.6.3.1)
    octicons_helper (4.0.7)
      octicons
      rails
    orm_adapter (0.5.0)
    polyamorous (1.3.1)
      activerecord (>= 3.0)
    pry (0.11.2)
      coderay (~> 1.1.0)
      method_source (~> 0.9.0)
    pry-rails (0.3.6)
      pry (>= 0.10.4)
    public_suffix (3.0.0)
    rack (2.0.3)
    rack-test (0.6.3)
      rack (>= 1.0)
    rails (5.0.6)
      actioncable (= 5.0.6)
      actionmailer (= 5.0.6)
      actionpack (= 5.0.6)
      actionview (= 5.0.6)
      activejob (= 5.0.6)
      activemodel (= 5.0.6)
      activerecord (= 5.0.6)
      activesupport (= 5.0.6)
      bundler (>= 1.3.0)
      railties (= 5.0.6)
      sprockets-rails (>= 2.0.0)
    rails-dom-testing (2.0.3)
      activesupport (>= 4.2.0)
      nokogiri (>= 1.6)
    rails-html-sanitizer (1.0.3)
      loofah (~> 2.0)
    railties (5.0.6)
      actionpack (= 5.0.6)
      activesupport (= 5.0.6)
      method_source
      rake (>= 0.8.7)
      thor (>= 0.18.1, < 2.0)
    rake (12.2.1)
    ransack (1.8.4)
      actionpack (>= 3.0)
      activerecord (>= 3.0)
      activesupport (>= 3.0)
      i18n
      polyamorous (~> 1.3)
    rb-fsevent (0.10.2)
    rb-inotify (0.9.10)
      ffi (>= 0.5.0, < 2)
    responders (2.4.0)
      actionpack (>= 4.2.0, < 5.3)
      railties (>= 4.2.0, < 5.3)
    rspec-core (3.7.0)
      rspec-support (~> 3.7.0)
    rspec-expectations (3.7.0)
      diff-lcs (>= 1.2.0, < 2.0)
      rspec-support (~> 3.7.0)
    rspec-mocks (3.7.0)
      diff-lcs (>= 1.2.0, < 2.0)
      rspec-support (~> 3.7.0)
    rspec-rails (3.7.1)
      actionpack (>= 3.0)
      activesupport (>= 3.0)
      railties (>= 3.0)
      rspec-core (~> 3.7.0)
      rspec-expectations (~> 3.7.0)
      rspec-mocks (~> 3.7.0)
      rspec-support (~> 3.7.0)
    rspec-support (3.7.0)
    safe_yaml (1.0.4)
    sass (3.5.3)
      sass-listen (~> 4.0.0)
    sass-listen (4.0.0)
      rb-fsevent (~> 0.9, >= 0.9.4)
      rb-inotify (~> 0.9, >= 0.9.7)
    sass-rails (5.0.6)
      railties (>= 4.0.0, < 6)
      sass (~> 3.1)
      sprockets (>= 2.8, < 4.0)
      sprockets-rails (>= 2.0, < 4.0)
      tilt (>= 1.1, < 3)
    sprockets (3.7.1)
      concurrent-ruby (~> 1.0)
      rack (> 1, < 3)
    sprockets-es6 (0.9.2)
      babel-source (>= 5.8.11)
      babel-transpiler
      sprockets (>= 3.0.0)
    sprockets-rails (3.2.1)
      actionpack (>= 4.0)
      activesupport (>= 4.0)
      sprockets (>= 3.0.0)
    sqlite3 (1.3.13)
    tether-rails (1.4.0)
      rails (>= 3.1)
    thor (0.20.0)
    thread_safe (0.3.6)
    tilt (2.0.8)
    turbolinks (5.0.1)
      turbolinks-source (~> 5)
    turbolinks-source (5.0.3)
    tzinfo (1.2.4)
      thread_safe (~> 0.1)
    tzinfo-data (1.2017.3)
      tzinfo (>= 1.0.0)
    uglifier (3.2.0)
      execjs (>= 0.3.0, < 3)
    uri-ssh_git (2.0.0)
    warden (1.2.7)
      rack (>= 1.0)
    web-console (3.5.1)
      actionview (>= 5.0)
      activemodel (>= 5.0)
      bindex (>= 0.4.0)
      railties (>= 5.0)
    webmock (3.1.0)
      addressable (>= 2.3.6)
      crack (>= 0.3.2)
      hashdiff
    websocket-driver (0.6.5)
      websocket-extensions (>= 0.1.0)
    websocket-extensions (0.1.2)
    xpath (2.1.0)
      nokogiri (~> 1.3)

PLATFORMS
  ruby

DEPENDENCIES
  activeadmin!
  annotate
  awesome_print
  better_errors
  binding_of_caller
  byebug
  capybara
  coffee-rails (~> 4.2)
  dev_toolbar!
  devise!
  dotenv-rails
  factory_girl_rails
  faker
  jbuilder (~> 2.5)
  jquery-rails
  letter_opener
  listen (~> 3.0.5)
  pry-rails
  rails (~> 5.0.2)
  rspec-rails
  sass-rails (~> 5.0)
  sqlite3
  starter_generators!
  tzinfo-data
  uglifier (>= 1.3.0)
  wdm
  web-console (>= 3.3.0)
  web_git!
  webmock

BUNDLED WITH
   1.15.4
